PATH
  remote: .
  specs:
    listen_monkey (0.0.1)
      listen

GEM
  remote: https://rubygems.org/
  specs:
    ffi (1.11.1)
    listen (3.1.5)
      rb-fsevent (~> 0.9, >= 0.9.4)
      rb-inotify (~> 0.9, >= 0.9.7)
      ruby_dep (~> 1.2)
    minitest (5.11.3)
    minitest-retry (0.1.9)
      minitest (>= 5.0)
    rake (12.3.2)
    rb-fsevent (0.10.3)
    rb-inotify (0.10.0)
      ffi (~> 1.0)
    ruby_dep (1.5.0)

PLATFORMS
  ruby

DEPENDENCIES
  bundler
  listen_monkey!
  minitest
  minitest-retry
  rake

BUNDLED WITH
   2.0.1
